GEM
  remote: https://rubygems.org/
  specs:
    aws-sdk-v1 (1.63.0)
      json (~> 1.4)
      nokogiri (>= 1.4.4)
    dotenv (2.0.0)
    json (1.8.2)
    macaddr (1.7.1)
      systemu (~> 2.6.2)
    mini_portile (0.6.2)
    net-dns2 (0.8.6)
      packetfu
    nokogiri (1.6.6.2)
      mini_portile (~> 0.6.0)
    packetfu (1.1.10)
    roadworker (0.5.4)
      aws-sdk-v1 (>= 1.58.0)
      net-dns2 (~> 0.8.6)
      systemu
      term-ansicolor
      uuid
    systemu (2.6.4)
    term-ansicolor (1.3.0)
      tins (~> 1.0)
    tins (1.3.5)
    uuid (2.3.7)
      macaddr (~> 1.0)

PLATFORMS
  ruby

DEPENDENCIES
  dotenv
  roadworker
